GEM
  remote: https://rubygems.org/
  specs:
    awesome_print (1.6.1)
    benchmark-ips (2.3.0)
    ffi (1.9.10)
    listen (3.0.5)
      rb-fsevent (>= 0.9.3)
      rb-inotify (>= 0.9)
    memory_profiler (0.9.6)
    mini_portile2 (2.0.0)
    nokogiri (1.6.7.1)
      mini_portile2 (~> 2.0.0.rc2)
    nokogiri-diff (0.2.0)
      nokogiri (~> 1.5)
      tdiff (~> 0.3, >= 0.3.2)
    rb-fsevent (0.9.7)
    rb-inotify (0.9.5)
      ffi (>= 0.5.0)
    rerun (0.11.0)
      listen (~> 3.0)
    tdiff (0.3.3)

PLATFORMS
  ruby

DEPENDENCIES
  awesome_print
  benchmark-ips
  memory_profiler
  nokogiri
  nokogiri-diff
  rerun

BUNDLED WITH
   1.11.2
