GEM
  remote: https://rubygems.org/
  specs:
    awesome_print (1.6.1)
    ffi (1.9.10)
    listen (3.0.5)
      rb-fsevent (>= 0.9.3)
      rb-inotify (>= 0.9)
    mini_portile2 (2.0.0)
    nokogiri (1.6.7.1)
      mini_portile2 (~> 2.0.0.rc2)
    rb-fsevent (0.9.7)
    rb-inotify (0.9.5)
      ffi (>= 0.5.0)
    rerun (0.11.0)
      listen (~> 3.0)

PLATFORMS
  ruby

DEPENDENCIES
  awesome_print
  nokogiri
  rerun

BUNDLED WITH
   1.11.2
